

GROUP Build
FRAMEWORK: NET45
NUGET
  remote: https://www.nuget.org/api/v2
    AWSSDK.Core (3.3.4.1)
    AWSSDK.ECR (3.3.1.1)
      AWSSDK.Core (>= 3.3.4 < 3.4)
    FAKE (4.45.1)
    GitVersion.CommandLine (3.6.4)
GITHUB
  remote: derwasp/Fake.Extra
    Docker.fs (d4c9a015221453eddc77613ca78d68013c2ebfbb)