

GROUP Build
FRAMEWORK: NET45
NUGET
  remote: https://www.nuget.org/api/v2
    AWSSDK.Core (3.3.4.1)
    AWSSDK.ECR (3.3.1.1)
      AWSSDK.Core (>= 3.3.4 < 3.4)
    FAKE (4.45.1)
    GitVersion.CommandLine (3.6.4)
GITHUB
  remote: neoeinstein/Fake.Extra
    Docker.fs (2355da21a3c8ecdb91f47b856debd91bae386d05)